PATH
  remote: .
  specs:
    mc-markdown (0.2.3)
      nokogiri (~> 1.5)
      redcarpet (~> 2.2)
      slugity

GEM
  remote: https://rubygems.org/
  specs:
    ZenTest (4.9.1)
    autotest (4.4.6)
      ZenTest (>= 4.4.1)
    coffee-script (2.2.0)
      coffee-script-source
      execjs
    coffee-script-source (1.6.2)
    diff-lcs (1.2.4)
    dotenv (0.7.0)
    execjs (1.4.0)
      multi_json (~> 1.0)
    foreman (0.63.0)
      dotenv (>= 0.7)
      thor (>= 0.13.6)
    haml (4.0.2)
      tilt
    hobbit (0.0.2)
      rack
      tilt
    libv8 (3.11.8.17)
    mini_portile (0.5.1)
    multi_json (1.7.2)
    nokogiri (1.6.0)
      mini_portile (~> 0.5.0)
    pg (0.15.1)
    puma (2.3.2)
      rack (>= 1.1, < 2.0)
    rack (1.5.2)
    rack-contrib (1.1.0)
      rack (>= 0.9.1)
    redcarpet (2.2.2)
    ref (1.0.4)
    respec (0.5.0)
      rspec (>= 2.0.0)
    rspec (2.13.0)
      rspec-core (~> 2.13.0)
      rspec-expectations (~> 2.13.0)
      rspec-mocks (~> 2.13.0)
    rspec-core (2.13.1)
    rspec-expectations (2.13.0)
      diff-lcs (>= 1.1.3, < 2.0)
    rspec-mocks (2.13.1)
    sass (3.2.7)
    sequel (3.46.0)
    slugity (0.2.1)
    therubyracer (0.11.4)
      libv8 (~> 3.11.8.12)
      ref
    thor (0.18.1)
    tilt (1.3.7)
    uuidtools (2.1.3)

PLATFORMS
  ruby

DEPENDENCIES
  autotest
  coffee-script
  foreman
  haml
  hobbit
  mc-markdown!
  pg
  puma
  rack-contrib
  redcarpet
  respec
  sass
  sequel
  slugity
  therubyracer
  uuidtools
