PATH
  remote: .
  specs:
    mc-markdown (0.1.0)
      nokogiri (~> 1.5.6)
      redcarpet (~> 2.2.2)
      slugity (~> 0.2.1)

GEM
  remote: https://rubygems.org/
  specs:
    coffee-script (2.2.0)
      coffee-script-source
      execjs
    coffee-script-source (1.6.2)
    dotenv (0.7.0)
    execjs (1.4.0)
      multi_json (~> 1.0)
    foreman (0.63.0)
      dotenv (>= 0.7)
      thor (>= 0.13.6)
    haml (4.0.2)
      tilt
    hobbit (0.0.2)
      rack
      tilt
    kgio (2.8.0)
    libv8 (3.11.8.17)
    multi_json (1.7.2)
    nokogiri (1.5.9)
    pg (0.15.1)
    rack (1.5.2)
    rack-contrib (1.1.0)
      rack (>= 0.9.1)
    raindrops (0.11.0)
    redcarpet (2.2.2)
    ref (1.0.4)
    sass (3.2.7)
    sequel (3.46.0)
    slugity (0.2.1)
    therubyracer (0.11.4)
      libv8 (~> 3.11.8.12)
      ref
    thor (0.18.1)
    tilt (1.3.7)
    unicorn (4.6.2)
      kgio (~> 2.6)
      rack
      raindrops (~> 0.7)

PLATFORMS
  ruby

DEPENDENCIES
  coffee-script
  foreman
  haml
  hobbit
  mc-markdown!
  pg
  rack-contrib
  redcarpet
  sass
  sequel
  slugity
  therubyracer
  unicorn
