GEM
  remote: https://rubygems.org/
  specs:
    coffee-script (2.2.0)
      coffee-script-source
      execjs
    coffee-script-source (1.6.2)
    daemons (1.1.9)
    eventmachine (1.0.3)
    execjs (1.4.0)
      multi_json (~> 1.0)
    haml (4.0.2)
      tilt
    hobbit (0.0.2)
      rack
      tilt
    libv8 (3.11.8.17)
    multi_json (1.7.2)
    rack (1.5.2)
    rack-contrib (1.1.0)
      rack (>= 0.9.1)
    redcarpet (2.2.2)
    ref (1.0.4)
    sass (3.2.7)
    therubyracer (0.11.4)
      libv8 (~> 3.11.8.12)
      ref
    thin (1.5.1)
      daemons (>= 1.0.9)
      eventmachine (>= 0.12.6)
      rack (>= 1.0.0)
    tilt (1.3.7)

PLATFORMS
  ruby

DEPENDENCIES
  coffee-script
  haml
  hobbit
  rack-contrib
  redcarpet
  sass
  therubyracer
  thin
