PATH
  remote: .
  specs:
    mc-markdown (0.3.1)
      nokogiri (~> 1.5)
      redcarpet (~> 2.2)
      slugity

GEM
  remote: https://rubygems.org/
  specs:
    ZenTest (4.9.2)
    autotest (4.4.6)
      ZenTest (>= 4.4.1)
    coderay (1.0.9)
    columnize (0.3.6)
    debugger (1.6.1)
      columnize (>= 0.3.1)
      debugger-linecache (~> 1.2.0)
      debugger-ruby_core_source (~> 1.2.3)
    debugger-linecache (1.2.0)
    debugger-ruby_core_source (1.2.3)
    diff-lcs (1.2.4)
    method_source (0.8.2)
    mini_portile (0.5.1)
    nokogiri (1.6.0)
      mini_portile (~> 0.5.0)
    pry (0.9.12.2)
      coderay (~> 1.0.5)
      method_source (~> 0.8)
      slop (~> 3.4)
    pry-debugger (0.2.2)
      debugger (~> 1.3)
      pry (~> 0.9.10)
    redcarpet (2.3.0)
    respec (0.5.0)
      rspec (>= 2.0.0)
    rspec (2.14.1)
      rspec-core (~> 2.14.0)
      rspec-expectations (~> 2.14.0)
      rspec-mocks (~> 2.14.0)
    rspec-core (2.14.3)
    rspec-expectations (2.14.0)
      diff-lcs (>= 1.1.3, < 2.0)
    rspec-mocks (2.14.1)
    slop (3.4.6)
    slugity (1.0.1)

PLATFORMS
  ruby

DEPENDENCIES
  autotest
  mc-markdown!
  pry-debugger
  respec
