GEM
  remote: https://rubygems.org/
  specs:
    coffee-script (2.2.0)
      coffee-script-source
      execjs
    coffee-script-source (1.6.2)
    execjs (1.4.0)
      multi_json (~> 1.0)
    haml (4.0.2)
      tilt
    libv8 (3.11.8.17)
    multi_json (1.7.2)
    rack (1.5.2)
    rack-accept (0.4.5)
      rack (>= 0.4)
    redcarpet (2.2.2)
    ref (1.0.4)
    scorched (0.10)
      rack (~> 1.4)
      rack-accept (~> 0.4)
      tilt (~> 1.3)
    therubyracer (0.11.4)
      libv8 (~> 3.11.8.12)
      ref
    tilt (1.3.7)

PLATFORMS
  ruby

DEPENDENCIES
  coffee-script
  haml
  redcarpet
  scorched
  therubyracer
