GEM
  remote: https://rubygems.org/
  specs:
    haml (4.0.2)
      tilt
    rack (1.5.2)
    rack-accept (0.4.5)
      rack (>= 0.4)
    redcarpet (2.2.2)
    scorched (0.10)
      rack (~> 1.4)
      rack-accept (~> 0.4)
      tilt (~> 1.3)
    tilt (1.3.7)

PLATFORMS
  ruby

DEPENDENCIES
  haml
  redcarpet
  scorched
